GEM
  remote: https://rubygems.org/
  specs:
    actionmailer (3.2.17)
      actionpack (= 3.2.17)
      mail (~> 2.5.4)
    actionpack (3.2.17)
      activemodel (= 3.2.17)
      activesupport (= 3.2.17)
      builder (~> 3.0.0)
      erubis (~> 2.7.0)
      journey (~> 1.0.4)
      rack (~> 1.4.5)
      rack-cache (~> 1.2)
      rack-test (~> 0.6.1)
      sprockets (~> 2.2.1)
    activemodel (3.2.17)
      activesupport (= 3.2.17)
      builder (~> 3.0.0)
    activerecord (3.2.17)
      activemodel (= 3.2.17)
      activesupport (= 3.2.17)
      arel (~> 3.0.2)
      tzinfo (~> 0.3.29)
    activeresource (3.2.17)
      activemodel (= 3.2.17)
      activesupport (= 3.2.17)
    activesupport (3.2.17)
      i18n (~> 0.6, >= 0.6.4)
      multi_json (~> 1.0)
    arel (3.0.3)
    blankslate (2.1.2.4)
    bouncy-castle-java (1.5.0147)
    builder (3.0.4)
    capistrano (2.15.5)
      highline
      net-scp (>= 1.0.0)
      net-sftp (>= 2.0.0)
      net-ssh (>= 2.0.14)
      net-ssh-gateway (>= 1.1.0)
    coffee-rails (3.2.2)
      coffee-script (>= 2.2.0)
      railties (~> 3.2.0)
    coffee-script (2.2.0)
      coffee-script-source
      execjs
    coffee-script-source (1.7.0)
    diff-lcs (1.2.5)
    edn (1.0.0)
      parslet (~> 1.4.0)
    erubis (2.7.0)
    execjs (2.0.2)
    highline (1.6.21)
    hike (1.2.3)
    i18n (0.6.9)
    journey (1.0.4)
    jquery-rails (3.1.0)
      railties (>= 3.0, < 5.0)
      thor (>= 0.14, < 2.0)
    jruby-openssl (0.9.4)
      bouncy-castle-java (>= 1.5.0147)
    json (1.8.1)
    json (1.8.1-java)
    mail (2.5.4)
      mime-types (~> 1.16)
      treetop (~> 1.4.8)
    mime-types (1.25.1)
    multi_json (1.9.0)
    neo4j (2.3.0-java)
      activemodel (>= 3.0.0, < 3.3)
      neo4j-wrapper (= 2.3.0)
      orm_adapter (>= 0.0.3)
      railties (>= 3.0.0, < 3.3)
    neo4j-advanced (1.9.5-java)
    neo4j-community (1.9.5-java)
    neo4j-core (2.3.0-java)
      neo4j-community (>= 1.9.M05, < 2.0)
      neo4j-cypher (~> 1.0.0)
    neo4j-cypher (1.0.3)
    neo4j-enterprise (1.9.5-java)
    neo4j-wrapper (2.3.0-java)
      neo4j-core (= 2.3.0)
    net-scp (1.1.2)
      net-ssh (>= 2.6.5)
    net-sftp (2.1.2)
      net-ssh (>= 2.6.5)
    net-ssh (2.8.0)
    net-ssh-gateway (1.2.0)
      net-ssh (>= 2.6.5)
    orm_adapter (0.5.0)
    parslet (1.4.0)
      blankslate (~> 2.0)
    polyglot (0.3.4)
    rack (1.4.5)
    rack-cache (1.2)
      rack (>= 0.4)
    rack-ssl (1.3.3)
      rack
    rack-test (0.6.2)
      rack (>= 1.0)
    rails (3.2.17)
      actionmailer (= 3.2.17)
      actionpack (= 3.2.17)
      activerecord (= 3.2.17)
      activeresource (= 3.2.17)
      activesupport (= 3.2.17)
      bundler (~> 1.0)
      railties (= 3.2.17)
    railties (3.2.17)
      actionpack (= 3.2.17)
      activesupport (= 3.2.17)
      rack-ssl (~> 1.3.2)
      rake (>= 0.8.7)
      rdoc (~> 3.4)
      thor (>= 0.14.6, < 2.0)
    rake (10.1.1)
    rdoc (3.12.2)
      json (~> 1.4)
    rspec-core (2.14.8)
    rspec-expectations (2.14.5)
      diff-lcs (>= 1.1.3, < 2.0)
    rspec-mocks (2.14.6)
    rspec-rails (2.14.1)
      actionpack (>= 3.0)
      activemodel (>= 3.0)
      activesupport (>= 3.0)
      railties (>= 3.0)
      rspec-core (~> 2.14.0)
      rspec-expectations (~> 2.14.0)
      rspec-mocks (~> 2.14.0)
    sass (3.3.3)
    sass-rails (3.2.6)
      railties (~> 3.2.0)
      sass (>= 3.1.10)
      tilt (~> 1.3)
    sprockets (2.2.2)
      hike (~> 1.2)
      multi_json (~> 1.0)
      rack (~> 1.0)
      tilt (~> 1.1, != 1.3.0)
    therubyrhino (2.0.3)
      therubyrhino_jar (>= 1.7.3)
    therubyrhino_jar (1.7.4)
    thor (0.18.1)
    tilt (1.4.1)
    torquebox (3.0.2)
      thor (>= 0.14.6)
      torquebox-cache (= 3.0.2)
      torquebox-configure (= 3.0.2)
      torquebox-core (= 3.0.2)
      torquebox-messaging (= 3.0.2)
      torquebox-naming (= 3.0.2)
      torquebox-rake-support (= 3.0.2)
      torquebox-security (= 3.0.2)
      torquebox-stomp (= 3.0.2)
      torquebox-transactions (= 3.0.2)
      torquebox-web (= 3.0.2)
    torquebox-cache (3.0.2-java)
      torquebox-core (= 3.0.2)
      torquebox-transactions (= 3.0.2)
    torquebox-capistrano-support (3.0.2)
    torquebox-configure (3.0.2-java)
      blankslate (= 2.1.2.4)
    torquebox-core (3.0.2-java)
      edn (= 1.0.0)
    torquebox-messaging (3.0.2-java)
      torquebox-core (= 3.0.2)
      torquebox-transactions (= 3.0.2)
    torquebox-naming (3.0.2-java)
      torquebox-core (= 3.0.2)
    torquebox-rake-support (3.0.2)
      rake (>= 0.8.7)
    torquebox-security (3.0.2-java)
      torquebox-core (= 3.0.2)
    torquebox-server (3.0.2-java)
      torquebox (= 3.0.2)
    torquebox-stomp (3.0.2)
      torquebox-core (= 3.0.2)
      torquebox-messaging (= 3.0.2)
    torquebox-transactions (3.0.2)
      torquebox-core (= 3.0.2)
    torquebox-web (3.0.2-java)
    treetop (1.4.15)
      polyglot
      polyglot (>= 0.3.1)
    tzinfo (0.3.39)
    uglifier (2.5.0)
      execjs (>= 0.3.0)
      json (>= 1.8.0)

PLATFORMS
  java
  ruby

DEPENDENCIES
  capistrano (~> 2.15.5)
  coffee-rails (~> 3.2.1)
  jquery-rails
  jruby-openssl
  neo4j (>= 2.2.3)
  neo4j-advanced
  neo4j-community
  neo4j-enterprise
  rails (= 3.2.17)
  rspec-rails
  sass-rails (~> 3.2.3)
  therubyrhino
  torquebox
  torquebox-capistrano-support
  torquebox-rake-support
  torquebox-server
  uglifier (>= 1.0.3)
